GEM
  remote: http://rubygems.org/
  specs:
    childprocess (0.2.1)
      ffi (~> 1.0.6)
    coffee-script (2.2.0)
      coffee-script-source
      execjs
    coffee-script-source (1.1.1)
    diff-lcs (1.1.2)
    execjs (1.2.1)
      multi_json (~> 1.0)
    ffi (1.0.9)
    guard (0.5.1)
      thor (~> 0.14.6)
    guard-coffeescript (0.3.2)
      coffee-script (>= 2.2.0)
      guard (>= 0.4)
    guard-jasmine-headless-webkit (0.2.0)
      guard (>= 0.4.0)
      jasmine-headless-webkit (>= 0.3.0)
    guard-shell (0.1.1)
      guard (>= 0.2.0)
    jasmine (1.0.2.1)
      json_pure (>= 1.4.3)
      rack (>= 1.1)
      rspec (>= 1.3.1)
      selenium-webdriver (>= 0.1.3)
    jasmine-core (1.1.0.rc3)
    jasmine-headless-webkit (0.6.3)
      coffee-script (>= 2.2)
      jasmine-core (~> 1.1.beta)
      multi_json
      rainbow
    json_pure (1.5.3)
    multi_json (1.0.3)
    rack (1.3.2)
    rainbow (1.1.1)
    rspec (2.6.0)
      rspec-core (~> 2.6.0)
      rspec-expectations (~> 2.6.0)
      rspec-mocks (~> 2.6.0)
    rspec-core (2.6.4)
    rspec-expectations (2.6.0)
      diff-lcs (~> 1.1.2)
    rspec-mocks (2.6.0)
    rubyzip (0.9.4)
    selenium-webdriver (2.5.0)
      childprocess (>= 0.2.1)
      ffi (>= 1.0.7)
      json_pure
      rubyzip
    thor (0.14.6)

PLATFORMS
  ruby

DEPENDENCIES
  guard
  guard-coffeescript
  guard-jasmine-headless-webkit
  guard-shell
  jasmine
  jasmine-headless-webkit
  rack
